GEM
  remote: https://rubygems.org/
  specs:
    etcd (0.2.4)
      mixlib-log
    mixlib-log (1.6.0)
    rack (1.5.2)
    rack-protection (1.5.1)
      rack
    rack-test (0.6.2)
      rack (>= 1.0)
    sinatra (1.4.4)
      rack (~> 1.4)
      rack-protection (~> 1.4)
      tilt (~> 1.3, >= 1.3.4)
    tilt (1.4.1)

PLATFORMS
  ruby

DEPENDENCIES
  etcd
  rack
  rack-test
  sinatra
